PATH
  remote: .
  specs:
    groq (0.1.0)

GEM
  remote: https://rubygems.org/
  specs:
    minitest (5.22.3)
    rake (13.2.1)

PLATFORMS
  arm64-darwin-22
  ruby

DEPENDENCIES
  groq!
  minitest (~> 5.16)
  rake (~> 13.0)

BUNDLED WITH
   2.5.7
