PATH
  remote: .
  specs:
    groq (0.1.0)
      faraday (~> 2.0)

GEM
  remote: https://rubygems.org/
  specs:
    addressable (2.8.6)
      public_suffix (>= 2.0.2, < 6.0)
    bigdecimal (3.1.7)
    crack (1.0.0)
      bigdecimal
      rexml
    faraday (2.9.0)
      faraday-net_http (>= 2.0, < 3.2)
    faraday-net_http (3.1.0)
      net-http
    hashdiff (1.1.0)
    minitest (5.22.3)
    net-http (0.4.1)
      uri
    public_suffix (5.0.5)
    rake (13.2.1)
    rexml (3.2.6)
    uri (0.13.0)
    vcr (6.2.0)
    webmock (3.23.0)
      addressable (>= 2.8.0)
      crack (>= 0.3.2)
      hashdiff (>= 0.4.0, < 2.0.0)

PLATFORMS
  arm64-darwin-22
  ruby

DEPENDENCIES
  groq!
  minitest (~> 5.16)
  rake (~> 13.0)
  vcr (~> 6.0)
  webmock (~> 3.0)

BUNDLED WITH
   2.5.7
